GEM
  remote: https://rubygems.org/
  specs:
    coffee-script (2.2.0)
      coffee-script-source
      execjs
    coffee-script-source (1.6.3)
    diff-lcs (1.2.4)
    execjs (1.4.0)
      multi_json (~> 1.0)
    hike (1.2.3)
    multi_json (1.7.7)
    rack (1.5.2)
    rack-protection (1.5.0)
      rack
    rspec (2.14.1)
      rspec-core (~> 2.14.0)
      rspec-expectations (~> 2.14.0)
      rspec-mocks (~> 2.14.0)
    rspec-core (2.14.3)
    rspec-expectations (2.14.0)
      diff-lcs (>= 1.1.3, < 2.0)
    rspec-mocks (2.14.1)
    sass (3.2.10)
    sequel (4.0.0)
    sinatra (1.4.3)
      rack (~> 1.4)
      rack-protection (~> 1.4)
      tilt (~> 1.3, >= 1.3.4)
    slim (2.0.0)
      temple (~> 0.6.5)
      tilt (~> 1.3, >= 1.3.3)
    sprockets (2.10.0)
      hike (~> 1.2)
      multi_json (~> 1.0)
      rack (~> 1.0)
      tilt (~> 1.1, != 1.3.0)
    sqlite3 (1.3.7)
    temple (0.6.5)
    tilt (1.4.1)

PLATFORMS
  ruby

DEPENDENCIES
  coffee-script
  rspec
  sass
  sequel
  sinatra
  slim
  sprockets
  sqlite3
